GEM
  remote: https://rubygems.org/
  specs:
    backports (3.11.4)
    plist (3.4.0)
    ruby-macho (2.0.0)

PLATFORMS
  ruby

DEPENDENCIES
  backports
  plist
  ruby-macho

BUNDLED WITH
   1.16.4
